PATH
  remote: .
  specs:
    fellowshipone (2.3.0)
      addressable
      faraday
      faraday_middleware
      hashie
      json
      oauth
      simple_oauth

GEM
  remote: http://rubygems.org/
  specs:
    addressable (2.3.7)
    crack (0.4.2)
      safe_yaml (~> 1.0.0)
    faraday (1.0.1)
      multipart-post (>= 1.2, < 3)
    faraday_middleware (1.0.0)
      faraday (~> 1.0)
    hashie (4.1.0)
    json (2.3.1)
    minitest (5.5.1)
    multipart-post (2.1.1)
    oauth (0.5.4)
    rake (10.4.2)
    safe_yaml (1.0.4)
    simple_oauth (0.3.1)
    vcr (2.9.3)
    webmock (1.20.4)
      addressable (>= 2.3.6)
      crack (>= 0.3.2)

PLATFORMS
  ruby

DEPENDENCIES
  bundler
  fellowshipone!
  minitest
  rake
  vcr
  webmock

BUNDLED WITH
   1.10.6
